GEM
  remote: https://rubygems.org/
  specs:
    base64 (0.1.1)
    bson (5.0.0)
    concurrent-ruby (1.2.3)
    et-orbi (1.2.11)
      tzinfo
    fugit (1.10.1)
      et-orbi (~> 1, >= 1.2.7)
      raabro (~> 1.4)
    httparty (0.21.0)
      mini_mime (>= 1.0.0)
      multi_xml (>= 0.5.2)
    json (2.6.3)
    mini_mime (1.1.5)
    mongo (2.20.0)
      bson (>= 4.14.1, < 6.0.0)
    multi_xml (0.6.0)
    mustermann (3.0.0)
      ruby2_keywords (~> 0.0.1)
    raabro (1.4.0)
    rack (3.0.10)
    rack-protection (4.0.0)
      base64 (>= 0.1.0)
      rack (>= 3.0.0, < 4)
    rack-session (2.0.0)
      rack (>= 3.0.0)
    ruby2_keywords (0.0.5)
    rufus-scheduler (3.9.1)
      fugit (~> 1.1, >= 1.1.6)
    sinatra (4.0.0)
      mustermann (~> 3.0)
      rack (>= 3.0.0, < 4)
      rack-protection (= 4.0.0)
      rack-session (>= 2.0.0, < 3)
      tilt (~> 2.0)
    tilt (2.3.0)
    tzinfo (2.0.6)
      concurrent-ruby (~> 1.0)
    tzinfo-data (1.2024.1)
      tzinfo (>= 1.0.0)

PLATFORMS
  x64-mingw-ucrt

DEPENDENCIES
  httparty (~> 0.21.0)
  json
  mongo
  rufus-scheduler
  sinatra (~> 4.0.0)
  tzinfo-data

BUNDLED WITH
   2.4.19
